PATH
  remote: .
  specs:
    gumdrop (1.0.0)
      active_support
      bundle
      i18n
      listen
      onfire
      sinatra
      thor
      tilt

GEM
  remote: https://rubygems.org/
  specs:
    active_support (3.0.0)
      activesupport (= 3.0.0)
    activesupport (3.0.0)
    bundle (0.0.1)
      bundler
    ffi (1.0.11)
    i18n (0.6.0)
    listen (0.4.7)
      rb-fchange (~> 0.0.5)
      rb-fsevent (~> 0.9.1)
      rb-inotify (~> 0.8.8)
    minitest (3.2.0)
    onfire (0.2.0)
    rack (1.4.1)
    rack-protection (1.2.0)
      rack
    rb-fchange (0.0.5)
      ffi
    rb-fsevent (0.9.1)
    rb-inotify (0.8.8)
      ffi (>= 0.5.0)
    redcarpet (2.1.1)
    sinatra (1.3.2)
      rack (~> 1.3, >= 1.3.6)
      rack-protection (~> 1.2)
      tilt (~> 1.3, >= 1.3.3)
    thor (0.15.3)
    tilt (1.3.3)

PLATFORMS
  ruby

DEPENDENCIES
  gumdrop!
  minitest
  redcarpet
