GEM
  remote: http://rubygems.org/
  specs:
    active_support (3.0.0)
      activesupport (= 3.0.0)
    activesupport (3.0.0)
    rack (1.3.1)
    sinatra (1.2.6)
      rack (~> 1.1)
      tilt (>= 1.2.2, < 2.0)
    tilt (1.3.2)
    trollop (1.16.2)

PLATFORMS
  ruby

DEPENDENCIES
  active_support
  sinatra
  tilt
  trollop
