PATH
  remote: .
  specs:
    gumdrop (0.7.5)
      active_support
      bundle
      i18n
      sinatra
      thor
      tilt

GEM
  remote: http://rubygems.org/
  specs:
    active_support (3.0.0)
      activesupport (= 3.0.0)
    activesupport (3.0.0)
    bundle (0.0.1)
      bundler
    i18n (0.6.0)
    rack (1.4.1)
    rack-protection (1.2.0)
      rack
    sinatra (1.3.2)
      rack (~> 1.3, >= 1.3.6)
      rack-protection (~> 1.2)
      tilt (~> 1.3, >= 1.3.3)
    thor (0.15.3)
    tilt (1.3.3)

PLATFORMS
  ruby

DEPENDENCIES
  gumdrop!
