GIT
  remote: git://github.com/darthapo/kramdown.git
  revision: f87548ed0370cdbfa8f42ed58f734264bae32a90
  specs:
    kramdown (0.13.7)

PATH
  remote: ../../
  specs:
    gumdrop (9.9.9)
      active_support
      bundle
      i18n
      listen
      onfire
      sinatra
      thor
      tilt

GEM
  remote: http://rubygems.org/
  specs:
    active_support (3.0.0)
      activesupport (= 3.0.0)
    activesupport (3.0.0)
    builder (3.0.0)
    bundle (0.0.1)
      bundler
    coffee-script (2.2.0)
      coffee-script-source
      execjs
    coffee-script-source (1.3.3)
    execjs (1.4.0)
      multi_json (~> 1.0)
    ffi (1.0.11)
    i18n (0.6.0)
    jsmin (1.0.1)
    listen (0.4.7)
      rb-fchange (~> 0.0.5)
      rb-fsevent (~> 0.9.1)
      rb-inotify (~> 0.8.8)
    multi_json (1.3.6)
    onfire (0.2.0)
    rack (1.4.1)
    rack-protection (1.2.0)
      rack
    rb-fchange (0.0.5)
      ffi
    rb-fsevent (0.9.1)
    rb-inotify (0.8.8)
      ffi (>= 0.5.0)
    sass (3.1.20)
    sinatra (1.3.2)
      rack (~> 1.3, >= 1.3.6)
      rack-protection (~> 1.2)
      tilt (~> 1.3, >= 1.3.3)
    slim (1.2.2)
      temple (~> 0.4.0)
      tilt (~> 1.3.3)
    stitch-rb (0.0.8)
    temple (0.4.0)
    thor (0.15.4)
    tilt (1.3.3)

PLATFORMS
  ruby

DEPENDENCIES
  builder
  coffee-script
  gumdrop!
  jsmin
  kramdown!
  sass
  slim
  stitch-rb
